GEM
  remote: https://rubygems.org/
  specs:
    cabin (0.9.0)
    jls-grok (0.11.5)
      cabin (>= 0.6.0)

PLATFORMS
  universal-java-11

DEPENDENCIES
  jls-grok (~> 0.11.5)

BUNDLED WITH
   2.3.14
