PATH
  remote: .
  specs:
    grok_regression_test (0.1.0)
      cabin (>= 0.6.0)

GEM
  remote: https://rubygems.org/
  specs:
    cabin (0.9.0)

PLATFORMS
  universal-java-11

DEPENDENCIES
  grok_regression_test!

BUNDLED WITH
   2.3.15
